GEM
  remote: https://rubygems.org/
  specs:
    activesupport (6.0.2.2)
      concurrent-ruby (~> 1.0, >= 1.0.2)
      i18n (>= 0.7, < 2)
      minitest (~> 5.1)
      tzinfo (~> 1.1)
      zeitwerk (~> 2.2)
    builder (3.2.4)
    coderay (1.1.2)
    concurrent-ruby (1.1.6)
    damerau-levenshtein (1.3.2)
    dry-configurable (0.11.4)
      concurrent-ruby (~> 1.0)
      dry-core (~> 0.4, >= 0.4.7)
      dry-equalizer (~> 0.2)
    dry-container (0.7.2)
      concurrent-ruby (~> 1.0)
      dry-configurable (~> 0.1, >= 0.1.3)
    dry-core (0.4.9)
      concurrent-ruby (~> 1.0)
    dry-equalizer (0.3.0)
    dry-inflector (0.2.0)
    dry-logic (1.0.6)
      concurrent-ruby (~> 1.0)
      dry-core (~> 0.2)
      dry-equalizer (~> 0.2)
    dry-types (1.4.0)
      concurrent-ruby (~> 1.0)
      dry-container (~> 0.3)
      dry-core (~> 0.4, >= 0.4.4)
      dry-equalizer (~> 0.3)
      dry-inflector (~> 0.1, >= 0.1.2)
      dry-logic (~> 1.0, >= 1.0.2)
    email_address (0.1.15)
      netaddr (>= 2.0.4, < 3)
      simpleidn
    email_inquire (0.11.0)
      damerau-levenshtein (~> 1.2)
    faraday (1.0.0)
      multipart-post (>= 1.2, < 3)
    grape (1.3.1)
      activesupport
      builder
      dry-types (>= 1.1)
      mustermann-grape (~> 1.0.0)
      rack (>= 1.3.0)
      rack-accept
    i18n (1.8.2)
      concurrent-ruby (~> 1.0)
    method_source (1.0.0)
    minitest (5.14.0)
    multipart-post (2.1.1)
    mustermann (1.1.1)
      ruby2_keywords (~> 0.0.1)
    mustermann-grape (1.0.1)
      mustermann (>= 1.0.0)
    netaddr (2.0.4)
    proxifier (1.0.3)
    pry (0.13.0)
      coderay (~> 1.1)
      method_source (~> 1.0)
    rack (3.0.7)
    rack-accept (0.4.5)
      rack (>= 0.4)
    ruby-mailchecker (3.3.4)
    ruby2_keywords (0.0.2)
    simpleidn (0.1.1)
      unf (~> 0.1.4)
    thread_safe (0.3.6)
    truemail (1.6.0)
      simpleidn (~> 0.1.1)
    tzinfo (1.2.6)
      thread_safe (~> 0.1)
    unf (0.1.4)
      unf_ext
    unf_ext (0.0.7.6)
    zeitwerk (2.3.0)

PLATFORMS
  ruby

DEPENDENCIES
  email_address
  email_inquire
  faraday
  grape
  proxifier
  pry
  ruby-mailchecker
  truemail

RUBY VERSION
   ruby 2.6.3p62

BUNDLED WITH
   1.17.2
